GEM
  remote: https://rubygems.org/
  specs:
    gon-sinatra (0.1.0)
      sinatra
    rack (1.5.2)
    rack-protection (1.5.3)
      rack
    shotgun (0.9)
      rack (>= 1.0)
    sinatra (1.4.5)
      rack (~> 1.4)
      rack-protection (~> 1.4)
      tilt (~> 1.3, >= 1.3.4)
    tilt (1.4.1)

PLATFORMS
  ruby

DEPENDENCIES
  gon-sinatra (= 0.1.0)
  shotgun (= 0.9)
  sinatra (= 1.4.5)
